GEM
  remote: https://rubygems.org/
  specs:
    byebug (11.1.3)
    coderay (1.1.3)
    method_source (1.0.0)
    pry (0.13.1)
      coderay (~> 1.1)
      method_source (~> 1.0)
    pry-byebug (3.9.0)
      byebug (~> 11.0)
      pry (~> 0.13.0)
    pry-doc (1.1.0)
      pry (~> 0.11)
      yard (~> 0.9.11)
    yard (0.9.35)

PLATFORMS
  x64-mingw32
  x86_64-linux

DEPENDENCIES
  pry
  pry-byebug
  pry-doc

BUNDLED WITH
   2.2.17
