GEM
  remote: https://rubygems.org/
  specs:
    byebug (11.1.3)
    coderay (1.1.3)
    method_source (1.0.0)
    pry (0.14.2)
      coderay (~> 1.1)
      method_source (~> 1.0)
    pry-byebug (3.8.0)
      byebug (~> 11.0)
      pry (~> 0.10)
    pry-doc (1.4.0)
      pry (~> 0.11)
      yard (~> 0.9.11)
    qtbindings (4.8.6.5)
    yard (0.9.34)

PLATFORMS
  x86_64-linux

DEPENDENCIES
  pry
  pry-byebug
  pry-doc
  qtbindings

BUNDLED WITH
   2.3.26
