GEM
  remote: https://rubygems.org/
  specs:
    byebug (11.1.3)
    cairo (1.17.5)
      native-package-installer (>= 1.0.3)
      pkg-config (>= 1.2.2)
      red-colors
    cairo-gobject (3.4.3)
      cairo (>= 1.16.2)
      glib2 (= 3.4.3)
    coderay (1.1.3)
    ffi (1.15.0)
    ffi (1.15.0-x64-mingw32)
    glib2 (3.4.3)
      native-package-installer (>= 1.0.3)
      pkg-config (>= 1.3.5)
    gobject-introspection (3.4.3)
      glib2 (= 3.4.3)
    method_source (1.0.0)
    native-package-installer (1.1.1)
    pango (3.4.3)
      cairo-gobject (= 3.4.3)
      gobject-introspection (= 3.4.3)
    pkg-config (1.4.5)
    pry (0.13.1)
      coderay (~> 1.1)
      method_source (~> 1.0)
    pry-byebug (3.9.0)
      byebug (~> 11.0)
      pry (~> 0.13.0)
    pry-doc (1.1.0)
      pry (~> 0.11)
      yard (~> 0.9.11)
    qtbindings (4.8.6.5)
    qtbindings (4.8.6.5-x64-mingw32)
      qtbindings-qt (~> 4.8.6.0, >= 4.8.6.4)
    qtbindings-qt (4.8.6.4-x64-mingw32)
    red-colors (0.1.1)
    stringio (3.0.1.1)
    win32-clipboard (0.6.4)
      ffi
    yard (0.9.26)

PLATFORMS
  x64-mingw32
  x86_64-linux

DEPENDENCIES
  cairo
  pango
  pry
  pry-byebug
  pry-doc
  qtbindings
  stringio
  win32-clipboard

BUNDLED WITH
   2.2.15
